GEM
  remote: http://rubygems.org/
  remote: http://gemcutter.org/
  specs:
    builder (3.2.2)
    colored (1.2)
    colorize (0.7.3)
    cri (2.6.1)
      colored (~> 1.2)
    kramdown (1.4.1)
    mime-types (2.3)
    nanoc (3.7.3)
      cri (~> 2.3)
    rake (10.3.2)
    rdiscount (2.1.7.1)

PLATFORMS
  ruby

DEPENDENCIES
  builder
  colorize
  kramdown
  mime-types
  nanoc
  rake
  rdiscount
