GEM
  remote: http://rubygems.org/
  remote: http://gemcutter.org/
  specs:
    builder (3.2.2)
    colored (1.2)
    colorize (0.5.8)
    cri (2.3.0)
      colored (>= 1.2)
    kramdown (1.1.0)
    mime-types (1.23)
    nanoc (3.6.4)
      cri (~> 2.3)
    rake (10.1.0)
    rdiscount (2.1.6)

PLATFORMS
  ruby

DEPENDENCIES
  builder
  colorize
  kramdown
  mime-types
  nanoc
  rake
  rdiscount
