GEM
  remote: http://rubygems.org/
  remote: http://gemcutter.org/
  specs:
    asdf (0.5.0)
      rack (~> 1.2.1)
    builder (3.2.0)
    colored (1.2)
    colorize (0.5.8)
    cri (2.3.0)
      colored (>= 1.2)
    kramdown (0.14.2)
    mime-types (1.21)
    nanoc (3.6.1)
      cri (~> 2.3)
    rack (1.2.8)
    rake (10.0.3)
    rdiscount (2.0.7.1)

PLATFORMS
  ruby

DEPENDENCIES
  asdf
  builder
  colorize
  kramdown
  mime-types
  nanoc
  rake
  rdiscount
