GEM
  remote: http://rubygems.org/
  specs:
    builder (3.2.2)
    colored (1.2)
    colorize (0.7.7)
    cri (2.7.0)
      colored (~> 1.2)
    kramdown (1.10.0)
    mime-types (3.0)
      mime-types-data (~> 3.2015)
    mime-types-data (3.2016.0221)
    nanoc (4.1.6)
      cri (~> 2.3)
    rake (11.1.2)
    rdiscount (2.1.8)

PLATFORMS
  ruby

DEPENDENCIES
  builder
  colorize
  kramdown
  mime-types
  nanoc
  rake
  rdiscount

BUNDLED WITH
   1.11.2
