GEM
  remote: http://rubygems.org/
  remote: http://gemcutter.org/
  specs:
    builder (3.2.2)
    colored (1.2)
    colorize (0.6.0)
    cri (2.4.0)
      colored (>= 1.2)
    kramdown (1.2.0)
    mime-types (1.25)
    nanoc (3.6.5)
      cri (~> 2.3)
    rake (10.1.0)
    rdiscount (2.1.7)

PLATFORMS
  ruby

DEPENDENCIES
  builder
  colorize
  kramdown
  mime-types
  nanoc
  rake
  rdiscount
