GEM
  remote: http://rubygems.org/
  specs:
    builder (3.2.2)
    colored (1.2)
    colorize (0.7.7)
    cri (2.7.0)
      colored (~> 1.2)
    kramdown (1.8.0)
    mime-types (2.6.2)
    nanoc (3.8.0)
      cri (~> 2.3)
    rake (10.4.2)
    rdiscount (2.1.8)

PLATFORMS
  ruby

DEPENDENCIES
  builder
  colorize
  kramdown
  mime-types
  nanoc
  rake
  rdiscount
