GEM
  remote: http://rubygems.org/
  remote: http://gemcutter.org/
  specs:
    builder (3.2.0)
    colored (1.2)
    colorize (0.5.8)
    cri (2.3.0)
      colored (>= 1.2)
    kramdown (1.0.1)
    mime-types (1.22)
    nanoc (3.6.2)
      cri (~> 2.3)
    rake (10.0.4)
    rdiscount (2.0.7.2)

PLATFORMS
  ruby

DEPENDENCIES
  builder
  colorize
  kramdown
  mime-types
  nanoc
  rake
  rdiscount
