GEM
  remote: http://rubygems.org/
  remote: http://gemcutter.org/
  specs:
    builder (3.2.0)
    colored (1.2)
    colorize (0.5.8)
    cri (2.3.0)
      colored (>= 1.2)
    kramdown (1.0.2)
    mime-types (1.23)
    nanoc (3.6.3)
      cri (~> 2.3)
    rake (10.0.4)
    rdiscount (2.0.7.3)

PLATFORMS
  ruby

DEPENDENCIES
  builder
  colorize
  kramdown
  mime-types
  nanoc
  rake
  rdiscount
