GEM
  remote: http://rubygems.org/
  specs:
    builder (3.2.2)
    colored (1.2)
    colorize (0.8.1)
    concurrent-ruby (1.0.2)
    cri (2.7.0)
      colored (~> 1.2)
    hamster (3.0.0)
      concurrent-ruby (~> 1.0)
    kramdown (1.12.0)
    mime-types (3.1)
      mime-types-data (~> 3.2015)
    mime-types-data (3.2016.0521)
    nanoc (4.3.5)
      cri (~> 2.3)
      hamster (~> 3.0)
      ref (~> 2.0)
    rake (11.3.0)
    rdiscount (2.2.0.1)
    ref (2.0.0)

PLATFORMS
  ruby

DEPENDENCIES
  builder
  colorize
  kramdown
  mime-types
  nanoc
  rake
  rdiscount

BUNDLED WITH
   1.12.5
